RESTRICTION: == net47
NUGET
  remote: https://www.nuget.org/api/v2
    CryptSharpOfficial (2.1)
    FSharp.Compiler.Service (13.0)
      System.Collections.Immutable (>= 1.3.1)
      System.Reflection.Metadata (>= 1.4.2)
    FSharp.Configuration (1.3)
      FSharp.Core (>= 4.0.0.1)
    FSharp.Core (4.2.1)
    FSharp.Data (2.3.3)
    FSharp.Data.SqlClient (1.8.2)
    HtmlAgilityPack (1.5)
    Microsoft.Owin (3.1)
      Owin (>= 1.0)
    Microsoft.Owin.Diagnostics (3.1)
      Microsoft.Owin (>= 3.1)
      Owin (>= 1.0)
    Microsoft.Owin.FileSystems (3.1)
    Microsoft.Owin.Host.HttpListener (3.1)
    Microsoft.Owin.Hosting (3.1)
      Microsoft.Owin (>= 3.1)
      Owin (>= 1.0)
    Microsoft.Owin.StaticFiles (3.1)
      Microsoft.Owin (>= 3.1)
      Microsoft.Owin.FileSystems (>= 3.1)
      Owin (>= 1.0)
    Mono.Cecil (0.10.0-beta6)
    Owin (1.0)
    System.Collections.Immutable (1.3.1)
    System.IO.Compression (4.3.0-preview1-24530-04)
    System.Reflection.Metadata (1.4.2)
      System.Collections.Immutable (>= 1.3.1)
    System.ValueTuple (4.3.1)
    Zafir (4.0.173.74-beta8)
    Zafir.Compiler (4.0.173.74-beta8)
      Zafir (>= 4.0.173.74-beta8)
    Zafir.FSharp (4.0.173.74-beta8)
      Zafir (>= 4.0.173.74-beta8)
    Zafir.Owin (4.0.80.37-beta8)
      Microsoft.Owin (>= 3.1)
      Owin (>= 1.0)
      Zafir (>= 4.0.173.74-beta8)
    Zafir.UI.Next (4.0.155.64-beta8)
      HtmlAgilityPack (1.5)
      Zafir (>= 4.0.173.74-beta8)
